GIT
  remote: https://github.com/justarrived/backport_new_renderer
  revision: 02448549359473c596e4fe0578d629344eede169
  specs:
    backport_new_renderer (1.0.0)
      rails (~> 4.0)

PATH
  remote: lib/frilans_finans_api
  specs:
    frilans_finans_api (0.1.0)
      httparty (~> 0.13)

PATH
  remote: lib/json_api_helpers
  specs:
    json_api_helpers (0.1.0)
      activesupport (>= 4.2)

GEM
  remote: https://rubygems.org/
  specs:
    CFPropertyList (2.3.2)
    actionmailer (4.2.7.1)
      actionpack (= 4.2.7.1)
      actionview (= 4.2.7.1)
      activejob (= 4.2.7.1)
      mail (~> 2.5, >= 2.5.4)
      rails-dom-testing (~> 1.0, >= 1.0.5)
    actionpack (4.2.7.1)
      actionview (= 4.2.7.1)
      activesupport (= 4.2.7.1)
      rack (~> 1.6)
      rack-test (~> 0.6.2)
      rails-dom-testing (~> 1.0, >= 1.0.5)
      rails-html-sanitizer (~> 1.0, >= 1.0.2)
    actionview (4.2.7.1)
      activesupport (= 4.2.7.1)
      builder (~> 3.1)
      erubis (~> 2.7.0)
      rails-dom-testing (~> 1.0, >= 1.0.5)
      rails-html-sanitizer (~> 1.0, >= 1.0.2)
    active_model_serializers (0.10.2)
      actionpack (>= 4.1, < 6)
      activemodel (>= 4.1, < 6)
      jsonapi (~> 0.1.1.beta2)
      railties (>= 4.1, < 6)
    activejob (4.2.7.1)
      activesupport (= 4.2.7.1)
      globalid (>= 0.3.0)
    activemodel (4.2.7.1)
      activesupport (= 4.2.7.1)
      builder (~> 3.1)
    activerecord (4.2.7.1)
      activemodel (= 4.2.7.1)
      activesupport (= 4.2.7.1)
      arel (~> 6.0)
    activesupport (4.2.7.1)
      i18n (~> 0.7)
      json (~> 1.7, >= 1.7.7)
      minitest (~> 5.1)
      thread_safe (~> 0.3, >= 0.3.4)
      tzinfo (~> 1.1)
    addressable (2.4.0)
    administrate (0.2.2)
      autoprefixer-rails (~> 6.0)
      datetime_picker_rails (~> 0.0.7)
      jquery-rails (~> 4.0)
      kaminari (~> 0.16)
      momentjs-rails (~> 2.8)
      neat (~> 1.1)
      normalize-rails (~> 3.0)
      rails (~> 4.2)
      sass-rails (~> 5.0)
      selectize-rails (~> 0.6)
    administrate-field-image (0.0.2)
      administrate (>= 0.2.0.rc1, < 0.3.0)
      rails (~> 4.2)
    airbrake (5.5.0)
      airbrake-ruby (~> 1.5)
    airbrake-ruby (1.5.0)
    analytics-ruby (2.2.2)
      commander (~> 4.4)
    annotate (2.7.1)
      activerecord (>= 3.2, < 6.0)
      rake (>= 10.4, < 12.0)
    apipie-rails (0.3.6)
      json
    arel (6.0.3)
    ast (2.3.0)
    autoprefixer-rails (6.4.1)
      execjs
    aws-sdk (2.6.3)
      aws-sdk-resources (= 2.6.3)
    aws-sdk-core (2.6.3)
      jmespath (~> 1.0)
    aws-sdk-resources (2.6.3)
      aws-sdk-core (= 2.6.3)
    banktools-se (0.11.0)
    bcrypt (3.1.11)
    better_errors (2.1.1)
      coderay (>= 1.0.0)
      erubis (>= 2.6.6)
      rack (>= 0.9.0)
    binding_of_caller (0.7.2)
      debug_inspector (>= 0.0.1)
    blazer (1.7.0)
      chartkick
      rails
      safely_block (>= 0.1.1)
    bourbon (4.2.7)
      sass (~> 3.4)
      thor (~> 0.19)
    builder (3.2.2)
    bullet (5.1.0)
      activesupport (>= 3.0.0)
      uniform_notifier (~> 1.10.0)
    byebug (9.0.5)
    chartkick (2.0.2)
    climate_control (0.0.3)
      activesupport (>= 3.0)
    cocaine (0.5.8)
      climate_control (>= 0.0.3, < 1.0)
    codeclimate-test-reporter (0.6.0)
      simplecov (>= 0.7.1, < 1.0.0)
    coderay (1.1.1)
    commander (4.4.0)
      highline (~> 1.7.2)
    concurrent-ruby (1.0.2)
    connection_pool (2.2.0)
    consistency_fail (0.3.4)
    countries (1.2.5)
      currencies (~> 0.4.2)
      i18n_data (~> 0.7.0)
    crack (0.4.3)
      safe_yaml (~> 1.0.0)
    currencies (0.4.2)
    database_cleaner (1.5.3)
    datetime_picker_rails (0.0.7)
      momentjs-rails (>= 2.8.1)
    debug_inspector (0.0.2)
    diff-lcs (1.2.5)
    docile (1.1.5)
    dotenv (2.1.1)
    dotenv-rails (2.1.1)
      dotenv (= 2.1.1)
      railties (>= 4.0, < 5.1)
    easy_translate (0.5.0)
      json
      thread
      thread_safe
    errbase (0.0.3)
    erubis (2.7.0)
    excon (0.49.0)
    execjs (2.7.0)
    factory_girl (4.7.0)
      activesupport (>= 3.0.0)
    factory_girl_rails (4.7.0)
      factory_girl (~> 4.7.0)
      railties (>= 3.0.0)
    faker (1.6.6)
      i18n (~> 0.5)
    fast_blank (1.0.0)
    fission (0.5.0)
      CFPropertyList (~> 2.2)
    fog (1.38.0)
      fog-aliyun (>= 0.1.0)
      fog-atmos
      fog-aws (>= 0.6.0)
      fog-brightbox (~> 0.4)
      fog-cloudatcost (~> 0.1.0)
      fog-core (~> 1.32)
      fog-dynect (~> 0.0.2)
      fog-ecloud (~> 0.1)
      fog-google (<= 0.1.0)
      fog-json
      fog-local
      fog-openstack
      fog-powerdns (>= 0.1.1)
      fog-profitbricks
      fog-rackspace
      fog-radosgw (>= 0.0.2)
      fog-riakcs
      fog-sakuracloud (>= 0.0.4)
      fog-serverlove
      fog-softlayer
      fog-storm_on_demand
      fog-terremark
      fog-vmfusion
      fog-voxel
      fog-vsphere (>= 0.4.0)
      fog-xenserver
      fog-xml (~> 0.1.1)
      ipaddress (~> 0.5)
    fog-aliyun (0.1.0)
      fog-core (~> 1.27)
      fog-json (~> 1.0)
      ipaddress (~> 0.8)
      xml-simple (~> 1.1)
    fog-atmos (0.1.0)
      fog-core
      fog-xml
    fog-aws (0.9.2)
      fog-core (~> 1.27)
      fog-json (~> 1.0)
      fog-xml (~> 0.1)
      ipaddress (~> 0.8)
    fog-brightbox (0.10.1)
      fog-core (~> 1.22)
      fog-json
      inflecto (~> 0.0.2)
    fog-cloudatcost (0.1.2)
      fog-core (~> 1.36)
      fog-json (~> 1.0)
      fog-xml (~> 0.1)
      ipaddress (~> 0.8)
    fog-core (1.39.0)
      builder
      excon (~> 0.49)
      formatador (~> 0.2)
    fog-dynect (0.0.3)
      fog-core
      fog-json
      fog-xml
    fog-ecloud (0.3.0)
      fog-core
      fog-xml
    fog-google (0.1.0)
      fog-core
      fog-json
      fog-xml
    fog-json (1.0.2)
      fog-core (~> 1.0)
      multi_json (~> 1.10)
    fog-local (0.3.0)
      fog-core (~> 1.27)
    fog-openstack (0.1.5)
      fog-core (>= 1.38)
      fog-json (>= 1.0)
      fog-xml (>= 0.1)
      ipaddress (>= 0.8)
    fog-powerdns (0.1.1)
      fog-core (~> 1.27)
      fog-json (~> 1.0)
      fog-xml (~> 0.1)
    fog-profitbricks (0.0.5)
      fog-core
      fog-xml
      nokogiri
    fog-rackspace (0.1.1)
      fog-core (>= 1.35)
      fog-json (>= 1.0)
      fog-xml (>= 0.1)
      ipaddress (>= 0.8)
    fog-radosgw (0.0.5)
      fog-core (>= 1.21.0)
      fog-json
      fog-xml (>= 0.0.1)
    fog-riakcs (0.1.0)
      fog-core
      fog-json
      fog-xml
    fog-sakuracloud (1.7.5)
      fog-core
      fog-json
    fog-serverlove (0.1.2)
      fog-core
      fog-json
    fog-softlayer (1.1.1)
      fog-core
      fog-json
    fog-storm_on_demand (0.1.1)
      fog-core
      fog-json
    fog-terremark (0.1.0)
      fog-core
      fog-xml
    fog-vmfusion (0.1.0)
      fission
      fog-core
    fog-voxel (0.1.0)
      fog-core
      fog-xml
    fog-vsphere (0.6.4)
      fog-core
      rbvmomi (~> 1.8)
    fog-xenserver (0.2.3)
      fog-core
      fog-xml
    fog-xml (0.1.2)
      fog-core
      nokogiri (~> 1.5, >= 1.5.11)
    formatador (0.2.5)
    fuubar (2.1.1)
      rspec (~> 3.0)
      ruby-progressbar (~> 1.4)
    geocoder (1.4.0)
    global_phone (1.0.1)
    globalid (0.3.7)
      activesupport (>= 4.1.0)
    hashdiff (0.3.0)
    highline (1.7.8)
    honey_format (0.2.1)
    httparty (0.13.7)
      json (~> 1.8)
      multi_xml (>= 0.5.2)
    i18n (0.7.0)
    i18n-tasks (0.9.5)
      activesupport (>= 4.0.2)
      ast (>= 2.1.0)
      easy_translate (>= 0.5.0)
      erubis
      highline (>= 1.7.3)
      i18n
      parser (>= 2.2.3.0)
      term-ansicolor (>= 1.3.2)
      terminal-table (>= 1.5.1)
    i18n_data (0.7.0)
    i18n_generators (2.1.1)
      rails (>= 3.0.0)
    iban-tools (1.1.0)
    immigrant (0.3.5)
      activerecord (>= 3.0)
    inflecto (0.0.2)
    ipaddress (0.8.3)
    jmespath (1.3.1)
    jquery-rails (4.2.1)
      rails-dom-testing (>= 1, < 3)
      railties (>= 4.2.0)
      thor (>= 0.14, < 2.0)
    json (1.8.3)
    jsonapi (0.1.1.beta2)
      json (~> 1.8)
    jwt (1.5.6)
    kaminari (0.17.0)
      actionpack (>= 3.0.0)
      activesupport (>= 3.0.0)
    launchy (2.4.3)
      addressable (~> 2.3)
    letter_opener (1.4.1)
      launchy (~> 2.2)
    loofah (2.0.3)
      nokogiri (>= 1.5.9)
    mail (2.6.4)
      mime-types (>= 1.16, < 4)
    maruku (0.7.2)
    mime-types (3.1)
      mime-types-data (~> 3.2015)
    mime-types-data (3.2016.0521)
    mimemagic (0.3.1)
    mini_portile2 (2.1.0)
    minitest (5.9.0)
    momentjs-rails (2.11.1)
      railties (>= 3.1)
    multi_json (1.12.1)
    multi_xml (0.5.5)
    neat (1.8.0)
      sass (>= 3.3)
      thor (~> 0.19)
    newrelic_rpm (3.16.3.323)
    nokogiri (1.6.8)
      mini_portile2 (~> 2.1.0)
      pkg-config (~> 1.1.7)
    normalize-rails (3.0.3)
    oj (2.15.0)
    paperclip (5.0.0.beta2)
      activemodel (>= 4.2.0)
      activesupport (>= 4.2.0)
      cocaine (~> 0.5.5)
      mime-types
      mimemagic (~> 0.3.0)
    parser (2.3.1.2)
      ast (~> 2.2)
    personnummer (0.0.9)
    pg (0.19.0)
    pkg-config (1.1.7)
    powerpack (0.1.1)
    puma (3.6.0)
    pundit (1.1.0)
      activesupport (>= 3.0.0)
    rack (1.6.4)
    rack-attack (5.0.1)
      rack
    rack-cors (0.4.0)
    rack-protection (1.5.3)
      rack
    rack-test (0.6.3)
      rack (>= 1.0)
    rack-timeout (0.4.2)
    rails (4.2.7.1)
      actionmailer (= 4.2.7.1)
      actionpack (= 4.2.7.1)
      actionview (= 4.2.7.1)
      activejob (= 4.2.7.1)
      activemodel (= 4.2.7.1)
      activerecord (= 4.2.7.1)
      activesupport (= 4.2.7.1)
      bundler (>= 1.3.0, < 2.0)
      railties (= 4.2.7.1)
      sprockets-rails
    rails-api (0.4.0)
      actionpack (>= 3.2.11)
      railties (>= 3.2.11)
    rails-deprecated_sanitizer (1.0.3)
      activesupport (>= 4.2.0.alpha)
    rails-dom-testing (1.0.7)
      activesupport (>= 4.2.0.beta, < 5.0)
      nokogiri (~> 1.6.0)
      rails-deprecated_sanitizer (>= 1.0.1)
    rails-html-sanitizer (1.0.3)
      loofah (~> 2.0)
    rails-i18n (4.0.8)
      i18n (~> 0.7)
      railties (~> 4.0)
    rails_12factor (0.0.3)
      rails_serve_static_assets
      rails_stdout_logging
    rails_serve_static_assets (0.0.5)
    rails_stdout_logging (0.0.5)
    railties (4.2.7.1)
      actionpack (= 4.2.7.1)
      activesupport (= 4.2.7.1)
      rake (>= 0.8.7)
      thor (>= 0.18.1, < 2.0)
    rainbow (2.1.0)
    rake (11.2.2)
    rbvmomi (1.8.2)
      builder
      nokogiri (>= 1.4.1)
      trollop
    redis (3.3.1)
    redis-activesupport (4.1.5)
      activesupport (>= 3, < 5)
      redis-store (~> 1.1.0)
    redis-store (1.1.7)
      redis (>= 2.2)
    regressor (0.6.0)
      faker (~> 1.3)
      rails (~> 4.0)
      shoulda-matchers (~> 2.7.0, >= 2.7.0)
    rspec (3.4.0)
      rspec-core (~> 3.4.0)
      rspec-expectations (~> 3.4.0)
      rspec-mocks (~> 3.4.0)
    rspec-activemodel-mocks (1.0.3)
      activemodel (>= 3.0)
      activesupport (>= 3.0)
      rspec-mocks (>= 2.99, < 4.0)
    rspec-core (3.4.4)
      rspec-support (~> 3.4.0)
    rspec-expectations (3.4.0)
      diff-lcs (>= 1.2.0, < 2.0)
      rspec-support (~> 3.4.0)
    rspec-mocks (3.4.1)
      diff-lcs (>= 1.2.0, < 2.0)
      rspec-support (~> 3.4.0)
    rspec-rails (3.4.2)
      actionpack (>= 3.0, < 4.3)
      activesupport (>= 3.0, < 4.3)
      railties (>= 3.0, < 4.3)
      rspec-core (~> 3.4.0)
      rspec-expectations (~> 3.4.0)
      rspec-mocks (~> 3.4.0)
      rspec-support (~> 3.4.0)
    rspec-support (3.4.1)
    rspec_junit_formatter (0.2.3)
      builder (< 4)
      rspec-core (>= 2, < 4, != 2.12.0)
    rubocop (0.41.1)
      parser (>= 2.3.1.1, < 3.0)
      powerpack (~> 0.1)
      rainbow (>= 1.99.1, < 3.0)
      ruby-progressbar (~> 1.7)
      unicode-display_width (~> 1.0, >= 1.0.1)
    ruby-progressbar (1.8.1)
    safe_yaml (1.0.4)
    safely_block (0.1.1)
      errbase
    sass (3.4.22)
    sass-rails (5.0.6)
      railties (>= 4.0.0, < 6)
      sass (~> 3.1)
      sprockets (>= 2.8, < 4.0)
      sprockets-rails (>= 2.0, < 4.0)
      tilt (>= 1.1, < 3)
    selectize-rails (0.12.3)
    shoulda-matchers (2.7.0)
      activesupport (>= 3.0.0)
    sidekiq (4.2.2)
      concurrent-ruby (~> 1.0)
      connection_pool (~> 2.2, >= 2.2.0)
      rack-protection (~> 1.5)
      redis (~> 3.2, >= 3.2.1)
    simplecov (0.11.2)
      docile (~> 1.1.0)
      json (~> 1.8)
      simplecov-html (~> 0.10.0)
    simplecov-html (0.10.0)
    skylight (0.10.6)
      activesupport (>= 3.0.0)
    spring (1.7.1)
    spring-commands-rspec (1.0.4)
      spring (>= 0.9.1)
    sprockets (3.7.0)
      concurrent-ruby (~> 1.0)
      rack (> 1, < 3)
    sprockets-rails (3.2.0)
      actionpack (>= 4.0)
      activesupport (>= 4.0)
      sprockets (>= 3.0.0)
    term-ansicolor (1.3.2)
      tins (~> 1.0)
    terminal-table (1.5.2)
    thor (0.19.1)
    thread (0.2.2)
    thread_safe (0.3.5)
    tilt (2.0.5)
    timecop (0.8.1)
    tins (1.10.1)
    trollop (2.1.2)
    twilio-ruby (4.13.0)
      builder (>= 2.1.2)
      jwt (~> 1.0)
      multi_json (>= 1.3.0)
    tzinfo (1.2.2)
      thread_safe (~> 0.1)
    uglifier (3.0.2)
      execjs (>= 0.3.0, < 3)
    unicode-display_width (1.1.0)
    uniform_notifier (1.10.0)
    web-console (3.3.0)
      activemodel (>= 4.2)
      debug_inspector
      railties (>= 4.2)
    webmock (2.1.0)
      addressable (>= 2.3.6)
      crack (>= 0.3.2)
      hashdiff
    xml-simple (1.1.5)
    yagni_json_encoder (0.0.2)
      activesupport (>= 4.1.0)
      oj (~> 2.14)

PLATFORMS
  ruby

DEPENDENCIES
  active_model_serializers (~> 0.10)
  administrate (~> 0.2)
  administrate-field-image (~> 0.0.2)
  airbrake (~> 5.5)
  analytics-ruby (~> 2.2)
  annotate (~> 2.7)
  apipie-rails (~> 0.3)
  aws-sdk (~> 2.6)
  backport_new_renderer (~> 1.0)!
  banktools-se (~> 0.11)
  bcrypt (~> 3.1.7)
  better_errors (~> 2.1)
  binding_of_caller (~> 0.7)
  blazer (~> 1.7)
  bourbon
  bullet (~> 5.0)
  byebug (~> 9.0)
  codeclimate-test-reporter (~> 0.6)
  consistency_fail (~> 0.3)
  countries
  database_cleaner (~> 1.5)
  dotenv-rails (~> 2.1)
  factory_girl_rails (~> 4.0)
  faker (~> 1.6)
  fast_blank (~> 1.0)
  fog (~> 1.38)
  frilans_finans_api!
  fuubar (~> 2.1)
  geocoder (~> 1.4)
  global_phone (~> 1.0)
  honey_format (~> 0.2)
  i18n-tasks (~> 0.9.2)
  i18n_data (~> 0.7)
  i18n_generators (~> 2.1)
  iban-tools (~> 1.1)
  immigrant (~> 0.3)
  json_api_helpers!
  kaminari (~> 0.17)
  letter_opener (~> 1.4)
  maruku (~> 0.7)
  newrelic_rpm (~> 3.15)
  paperclip (~> 5.0.0.beta2)
  personnummer (~> 0.0.9)
  pg (~> 0.15)
  puma (~> 3.4)
  pundit (~> 1.1)
  rack-attack (~> 5.0)
  rack-cors (~> 0.4)
  rack-timeout (~> 0.4)
  rails (= 4.2.7.1)
  rails-api (~> 0.4)
  rails-i18n (~> 4.0.0)
  rails_12factor (~> 0.0.3)
  redis-activesupport (~> 4.1)
  regressor (~> 0.6)
  rspec-activemodel-mocks (~> 1.0)
  rspec-rails (~> 3.4)
  rspec_junit_formatter (~> 0.2)
  rubocop (~> 0.35)
  sidekiq (~> 4.2)
  simplecov (~> 0.11)
  skylight (~> 0.10)
  spring (~> 1.6)
  spring-commands-rspec (~> 1.0)
  timecop (~> 0.8)
  twilio-ruby (~> 4.11)
  uglifier (~> 3.0)
  web-console (~> 3.0)
  webmock (~> 2.0)
  yagni_json_encoder (~> 0.0.2)

RUBY VERSION
   ruby 2.3.1p112

BUNDLED WITH
   1.13.1
