GIT
  remote: https://github.com/activeadmin-plugins/active_admin_filters_visibility
  revision: b851bdcb4955161948325112a5bca336db8398fc
  specs:
    active_admin_filters_visibility (1.2.0)
      activeadmin

GIT
  remote: https://github.com/activeadmin-plugins/active_admin_scoped_collection_actions
  revision: 9658a711614825c3ce437702c64dd0e41e339c83
  specs:
    active_admin_scoped_collection_actions (0.2.0)

GIT
  remote: https://github.com/activeadmin/activeadmin
  revision: 7ff122d580835d70cfc424bc251e70ab0ec51b3d
  specs:
    activeadmin (1.0.0.pre4)
      arbre (~> 1.0, >= 1.0.2)
      bourbon
      coffee-rails
      formtastic (~> 3.1)
      formtastic_i18n
      inherited_resources (~> 1.6)
      jquery-rails
      jquery-ui-rails
      kaminari (>= 0.15, < 2.0)
      railties (>= 3.2, < 5.1)
      ransack (~> 1.3)
      sass-rails
      sprockets (< 4.1)

GIT
  remote: https://github.com/activeadmin/inherited_resources
  revision: 4434f0ae72f790cf371728838c927c338100555d
  ref: 4434f0ae72f790cf371728838c927c338100555d
  specs:
    inherited_resources (1.6.0)
      actionpack (>= 3.2, < 5.1)
      has_scope (~> 0.6)
      railties (>= 3.2, < 5.1)
      responders

GIT
  remote: https://github.com/ankane/blazer
  revision: ea60b7cd858205868db438966cd1449b8fd6e05d
  specs:
    blazer (1.7.8)
      chartkick
      rails
      safely_block (>= 0.1.1)

GIT
  remote: https://github.com/mailcheck/mailcheck-ruby
  revision: a64ef45e849748cd8eaad0afd0119abcf2ab143a
  specs:
    mailcheck (1.0.0)

PATH
  remote: lib/frilans_finans_api
  specs:
    frilans_finans_api (0.1.0)
      httparty (~> 0.13)

PATH
  remote: lib/json_api_helpers
  specs:
    json_api_helpers (0.1.0)
      activesupport (>= 4.2)

GEM
  remote: https://rubygems.org/
  specs:
    CFPropertyList (2.3.5)
    actioncable (5.0.2)
      actionpack (= 5.0.2)
      nio4r (>= 1.2, < 3.0)
      websocket-driver (~> 0.6.1)
    actionmailer (5.0.2)
      actionpack (= 5.0.2)
      actionview (= 5.0.2)
      activejob (= 5.0.2)
      mail (~> 2.5, >= 2.5.4)
      rails-dom-testing (~> 2.0)
    actionpack (5.0.2)
      actionview (= 5.0.2)
      activesupport (= 5.0.2)
      rack (~> 2.0)
      rack-test (~> 0.6.3)
      rails-dom-testing (~> 2.0)
      rails-html-sanitizer (~> 1.0, >= 1.0.2)
    actionview (5.0.2)
      activesupport (= 5.0.2)
      builder (~> 3.1)
      erubis (~> 2.7.0)
      rails-dom-testing (~> 2.0)
      rails-html-sanitizer (~> 1.0, >= 1.0.3)
    active_admin_datetimepicker (0.3.0)
      xdan-datetimepicker-rails (~> 2.5.1)
    active_admin_theme (1.0.3)
    active_model_serializers (0.10.5)
      actionpack (>= 4.1, < 6)
      activemodel (>= 4.1, < 6)
      case_transform (>= 0.2)
      jsonapi-renderer (>= 0.1.1.beta1, < 0.2)
    activejob (5.0.2)
      activesupport (= 5.0.2)
      globalid (>= 0.3.6)
    activemodel (5.0.2)
      activesupport (= 5.0.2)
    activerecord (5.0.2)
      activemodel (= 5.0.2)
      activesupport (= 5.0.2)
      arel (~> 7.0)
    activesupport (5.0.2)
      concurrent-ruby (~> 1.0, >= 1.0.2)
      i18n (~> 0.7)
      minitest (~> 5.1)
      tzinfo (~> 1.1)
    addressable (2.5.0)
      public_suffix (~> 2.0, >= 2.0.2)
    ahoy_matey (1.5.5)
      addressable
      browser (~> 2.0)
      geocoder
      rack-attack (< 6)
      railties
      referer-parser (>= 0.3.0)
      request_store
      safely_block (>= 0.1.1)
      user_agent_parser
      uuidtools
    airbrake (5.8.1)
      airbrake-ruby (~> 1.8)
    airbrake-ruby (1.8.0)
    annotate (2.7.1)
      activerecord (>= 3.2, < 6.0)
      rake (>= 10.4, < 12.0)
    apipie-rails (0.4.0)
      json
      rails (>= 4.0)
    arbre (1.1.1)
      activesupport (>= 3.0.0)
    arel (7.1.4)
    ast (2.3.0)
    aws-sdk (2.8.14)
      aws-sdk-resources (= 2.8.14)
    aws-sdk-core (2.8.14)
      aws-sigv4 (~> 1.0)
      jmespath (~> 1.0)
    aws-sdk-resources (2.8.14)
      aws-sdk-core (= 2.8.14)
    aws-sigv4 (1.0.0)
    banktools-se (2.6.3)
    bcrypt (3.1.11)
    benchmark-ips (2.7.2)
    better_errors (2.1.1)
      coderay (>= 1.0.0)
      erubis (>= 2.6.6)
      rack (>= 0.9.0)
    bindex (0.5.0)
    binding_of_caller (0.7.2)
      debug_inspector (>= 0.0.1)
    bourbon (4.3.2)
      sass (~> 3.4)
      thor (~> 0.19)
    browser (2.3.0)
    builder (3.2.3)
    bullet (5.5.1)
      activesupport (>= 3.0.0)
      uniform_notifier (~> 1.10.0)
    byebug (9.0.6)
    case_transform (0.2)
      activesupport
    chartkick (2.2.2)
    chosen-rails (1.5.2)
      coffee-rails (>= 3.2)
      railties (>= 3.0)
      sass-rails (>= 3.2)
    climate_control (0.0.3)
      activesupport (>= 3.0)
    cocaine (0.5.8)
      climate_control (>= 0.0.3, < 1.0)
    codeclimate-test-reporter (1.0.8)
      simplecov (<= 0.13)
    coderay (1.1.1)
    coffee-rails (4.2.1)
      coffee-script (>= 2.2.0)
      railties (>= 4.0.0, < 5.2.x)
    coffee-script (2.4.1)
      coffee-script-source
      execjs
    coffee-script-source (1.12.2)
    concurrent-ruby (1.0.5)
    connection_pool (2.2.1)
    consistency_fail (0.3.5)
    countries (2.0.8)
      i18n_data (~> 0.7.0)
      money (~> 6.7)
      sixarm_ruby_unaccent (~> 1.1)
      unicode_utils (~> 1.4)
    crack (0.4.3)
      safe_yaml (~> 1.0.0)
    database_cleaner (1.5.3)
    debug_inspector (0.0.2)
    derailed_benchmarks (1.3.2)
      benchmark-ips (~> 2)
      get_process_mem (~> 0)
      heapy (~> 0)
      memory_profiler (~> 0)
      rack (>= 1)
      rake (> 10, < 13)
      thor (~> 0.19)
    diff-lcs (1.2.5)
    docile (1.1.5)
    dotenv (2.2.0)
    dotenv-rails (2.2.0)
      dotenv (= 2.2.0)
      railties (>= 3.2, < 5.1)
    easy_translate (0.5.0)
      json
      thread
      thread_safe
    email_reply_parser (0.5.9)
    errbase (0.0.3)
    erubis (2.7.0)
    excon (0.55.0)
    execjs (2.7.0)
    factory_girl (4.8.0)
      activesupport (>= 3.0.0)
    factory_girl_rails (4.8.0)
      factory_girl (~> 4.8.0)
      railties (>= 3.0.0)
    faker (1.7.3)
      i18n (~> 0.5)
    faraday (0.10.0)
      multipart-post (>= 1.2, < 3)
    fast_blank (1.0.0)
    ffi (1.9.14)
    fission (0.5.0)
      CFPropertyList (~> 2.2)
    fog (1.40.0)
      fog-aliyun (>= 0.1.0)
      fog-atmos
      fog-aws (>= 0.6.0)
      fog-brightbox (~> 0.4)
      fog-cloudatcost (~> 0.1.0)
      fog-core (~> 1.43)
      fog-digitalocean (>= 0.3.0)
      fog-dnsimple (~> 1.0)
      fog-dynect (~> 0.0.2)
      fog-ecloud (~> 0.1)
      fog-google (<= 0.1.0)
      fog-json
      fog-local
      fog-openstack
      fog-powerdns (>= 0.1.1)
      fog-profitbricks
      fog-rackspace
      fog-radosgw (>= 0.0.2)
      fog-riakcs
      fog-sakuracloud (>= 0.0.4)
      fog-serverlove
      fog-softlayer
      fog-storm_on_demand
      fog-terremark
      fog-vmfusion
      fog-voxel
      fog-vsphere (>= 0.4.0)
      fog-xenserver
      fog-xml (~> 0.1.1)
      ipaddress (~> 0.5)
      json (>= 1.8, < 2.0)
    fog-aliyun (0.1.0)
      fog-core (~> 1.27)
      fog-json (~> 1.0)
      ipaddress (~> 0.8)
      xml-simple (~> 1.1)
    fog-atmos (0.1.0)
      fog-core
      fog-xml
    fog-aws (1.2.1)
      fog-core (~> 1.38)
      fog-json (~> 1.0)
      fog-xml (~> 0.1)
      ipaddress (~> 0.8)
    fog-brightbox (0.11.0)
      fog-core (~> 1.22)
      fog-json
      inflecto (~> 0.0.2)
    fog-cloudatcost (0.1.2)
      fog-core (~> 1.36)
      fog-json (~> 1.0)
      fog-xml (~> 0.1)
      ipaddress (~> 0.8)
    fog-core (1.43.0)
      builder
      excon (~> 0.49)
      formatador (~> 0.2)
    fog-digitalocean (0.3.0)
      fog-core (~> 1.42)
      fog-json (>= 1.0)
      fog-xml (>= 0.1)
      ipaddress (>= 0.5)
    fog-dnsimple (1.0.0)
      fog-core (~> 1.38)
      fog-json (~> 1.0)
    fog-dynect (0.0.3)
      fog-core
      fog-json
      fog-xml
    fog-ecloud (0.3.0)
      fog-core
      fog-xml
    fog-google (0.1.0)
      fog-core
      fog-json
      fog-xml
    fog-json (1.0.2)
      fog-core (~> 1.0)
      multi_json (~> 1.10)
    fog-local (0.3.1)
      fog-core (~> 1.27)
    fog-openstack (0.1.20)
      fog-core (>= 1.40)
      fog-json (>= 1.0)
      ipaddress (>= 0.8)
    fog-powerdns (0.1.1)
      fog-core (~> 1.27)
      fog-json (~> 1.0)
      fog-xml (~> 0.1)
    fog-profitbricks (3.0.0)
      fog-core (~> 1.42)
      fog-json (~> 1.0)
    fog-rackspace (0.1.4)
      fog-core (>= 1.35)
      fog-json (>= 1.0)
      fog-xml (>= 0.1)
      ipaddress (>= 0.8)
    fog-radosgw (0.0.5)
      fog-core (>= 1.21.0)
      fog-json
      fog-xml (>= 0.0.1)
    fog-riakcs (0.1.0)
      fog-core
      fog-json
      fog-xml
    fog-sakuracloud (1.7.5)
      fog-core
      fog-json
    fog-serverlove (0.1.2)
      fog-core
      fog-json
    fog-softlayer (1.1.4)
      fog-core
      fog-json
    fog-storm_on_demand (0.1.1)
      fog-core
      fog-json
    fog-terremark (0.1.0)
      fog-core
      fog-xml
    fog-vmfusion (0.1.0)
      fission
      fog-core
    fog-voxel (0.1.0)
      fog-core
      fog-xml
    fog-vsphere (1.7.1)
      fog-core
      rbvmomi (~> 1.9)
    fog-xenserver (0.3.0)
      fog-core
      fog-xml
    fog-xml (0.1.2)
      fog-core
      nokogiri (~> 1.5, >= 1.5.11)
    formatador (0.2.5)
    formtastic (3.1.4)
      actionpack (>= 3.2.13)
    formtastic_i18n (0.6.0)
    fuubar (2.2.0)
      rspec-core (~> 3.0)
      ruby-progressbar (~> 1.4)
    geocoder (1.4.3)
    get_process_mem (0.2.1)
    global_phone (1.0.1)
    globalid (0.3.7)
      activesupport (>= 4.1.0)
    google-cloud-core (0.21.1)
      googleauth (~> 0.5.1)
    google-cloud-translate (0.22.2)
      google-cloud-core (~> 0.21.0)
      googleauth (~> 0.5.1)
    googleauth (0.5.1)
      faraday (~> 0.9)
      jwt (~> 1.4)
      logging (~> 2.0)
      memoist (~> 0.12)
      multi_json (~> 1.11)
      os (~> 0.9)
      signet (~> 0.7)
    has_scope (0.7.0)
      actionpack (>= 4.1, < 5.1)
      activesupport (>= 4.1, < 5.1)
    hashdiff (0.3.2)
    heapy (0.1.2)
    highline (1.7.8)
    honey_format (0.2.1)
    httparty (0.14.0)
      multi_xml (>= 0.5.2)
    i18n (0.8.1)
    i18n-tasks (0.9.13)
      activesupport (>= 4.0.2)
      ast (>= 2.1.0)
      easy_translate (>= 0.5.0)
      erubis
      highline (>= 1.7.3)
      i18n
      parser (>= 2.2.3.0)
      rainbow (~> 2.2)
      terminal-table (>= 1.5.1)
    i18n_data (0.7.0)
    i18n_generators (2.1.1)
      rails (>= 3.0.0)
    iban-tools (1.1.0)
    immigrant (0.3.6)
      activerecord (>= 3.0)
    inflecto (0.0.2)
    ipaddress (0.8.3)
    jmespath (1.3.1)
    jquery-rails (4.2.2)
      rails-dom-testing (>= 1, < 3)
      railties (>= 4.2.0)
      thor (>= 0.14, < 2.0)
    jquery-ui-rails (6.0.1)
      railties (>= 3.2.16)
    json (1.8.6)
    jsonapi-renderer (0.1.2)
    jwt (1.5.6)
    kaminari (1.0.1)
      activesupport (>= 4.1.0)
      kaminari-actionview (= 1.0.1)
      kaminari-activerecord (= 1.0.1)
      kaminari-core (= 1.0.1)
    kaminari-actionview (1.0.1)
      actionview
      kaminari-core (= 1.0.1)
    kaminari-activerecord (1.0.1)
      activerecord
      kaminari-core (= 1.0.1)
    kaminari-core (1.0.1)
    launchy (2.4.3)
      addressable (~> 2.3)
    letter_opener (1.4.1)
      launchy (~> 2.2)
    listen (3.1.5)
      rb-fsevent (~> 0.9, >= 0.9.4)
      rb-inotify (~> 0.9, >= 0.9.7)
      ruby_dep (~> 1.2)
    little-plugger (1.1.4)
    logging (2.1.0)
      little-plugger (~> 1.1)
      multi_json (~> 1.10)
    lograge (0.4.1)
      actionpack (>= 4, < 5.1)
      activesupport (>= 4, < 5.1)
      railties (>= 4, < 5.1)
    loofah (2.0.3)
      nokogiri (>= 1.5.9)
    mail (2.6.4)
      mime-types (>= 1.16, < 4)
    maruku (0.7.3)
    memoist (0.15.0)
    memory_profiler (0.9.8)
    method_source (0.8.2)
    mime-types (3.1)
      mime-types-data (~> 3.2015)
    mime-types-data (3.2016.0521)
    mimemagic (0.3.2)
    mini_portile2 (2.1.0)
    minitest (5.10.1)
    money (6.8.2)
      i18n (>= 0.6.4, < 0.9)
      sixarm_ruby_unaccent (>= 1.1.1, < 2)
    multi_json (1.12.1)
    multi_xml (0.5.5)
    multipart-post (2.0.0)
    nio4r (2.0.0)
    nokogiri (1.7.1)
      mini_portile2 (~> 2.1.0)
    oj (2.17.5)
    os (0.9.6)
    paperclip (5.1.0)
      activemodel (>= 4.2.0)
      activesupport (>= 4.2.0)
      cocaine (~> 0.5.5)
      mime-types
      mimemagic (~> 0.3.0)
    parser (2.4.0.0)
      ast (~> 2.2)
    personnummer (0.0.9)
    pg (0.20.0)
    polyamorous (1.3.1)
      activerecord (>= 3.0)
    powerpack (0.1.1)
    public_suffix (2.0.5)
    puma (3.8.2)
    pundit (1.1.0)
      activesupport (>= 3.0.0)
    rack (2.0.1)
    rack-attack (5.0.1)
      rack
    rack-cors (0.4.1)
    rack-protection (1.5.3)
      rack
    rack-test (0.6.3)
      rack (>= 1.0)
    rack-timeout (0.4.2)
    rails (5.0.2)
      actioncable (= 5.0.2)
      actionmailer (= 5.0.2)
      actionpack (= 5.0.2)
      actionview (= 5.0.2)
      activejob (= 5.0.2)
      activemodel (= 5.0.2)
      activerecord (= 5.0.2)
      activesupport (= 5.0.2)
      bundler (>= 1.3.0, < 2.0)
      railties (= 5.0.2)
      sprockets-rails (>= 2.0.0)
    rails-controller-testing (1.0.1)
      actionpack (~> 5.x)
      actionview (~> 5.x)
      activesupport (~> 5.x)
    rails-dom-testing (2.0.2)
      activesupport (>= 4.2.0, < 6.0)
      nokogiri (~> 1.6)
    rails-html-sanitizer (1.0.3)
      loofah (~> 2.0)
    rails-i18n (5.0.3)
      i18n (~> 0.7)
      railties (~> 5.0)
    railties (5.0.2)
      actionpack (= 5.0.2)
      activesupport (= 5.0.2)
      method_source
      rake (>= 0.8.7)
      thor (>= 0.18.1, < 2.0)
    rainbow (2.2.1)
    rake (11.3.0)
    ransack (1.8.2)
      actionpack (>= 3.0)
      activerecord (>= 3.0)
      activesupport (>= 3.0)
      i18n
      polyamorous (~> 1.3)
    rb-fsevent (0.9.8)
    rb-inotify (0.9.7)
      ffi (>= 0.5.0)
    rbvmomi (1.10.0)
      builder (~> 3.0)
      json (>= 1.8)
      nokogiri (~> 1.5)
      trollop (~> 2.1)
    redis (3.3.3)
    redis-activesupport (5.0.2)
      activesupport (>= 3, < 6)
      redis-store (~> 1.3.0)
    redis-store (1.3.0)
      redis (>= 2.2)
    referer-parser (0.3.0)
    request_store (1.3.2)
    responders (2.3.0)
      railties (>= 4.2.0, < 5.1)
    rspec-activemodel-mocks (1.0.3)
      activemodel (>= 3.0)
      activesupport (>= 3.0)
      rspec-mocks (>= 2.99, < 4.0)
    rspec-core (3.5.4)
      rspec-support (~> 3.5.0)
    rspec-expectations (3.5.0)
      diff-lcs (>= 1.2.0, < 2.0)
      rspec-support (~> 3.5.0)
    rspec-mocks (3.5.0)
      diff-lcs (>= 1.2.0, < 2.0)
      rspec-support (~> 3.5.0)
    rspec-rails (3.5.2)
      actionpack (>= 3.0)
      activesupport (>= 3.0)
      railties (>= 3.0)
      rspec-core (~> 3.5.0)
      rspec-expectations (~> 3.5.0)
      rspec-mocks (~> 3.5.0)
      rspec-support (~> 3.5.0)
    rspec-support (3.5.0)
    rspec_junit_formatter (0.2.3)
      builder (< 4)
      rspec-core (>= 2, < 4, != 2.12.0)
    rubocop (0.48.0)
      parser (>= 2.3.3.1, < 3.0)
      powerpack (~> 0.1)
      rainbow (>= 1.99.1, < 3.0)
      ruby-progressbar (~> 1.7)
      unicode-display_width (~> 1.0, >= 1.0.1)
    ruby-progressbar (1.8.1)
    ruby_dep (1.5.0)
    safe_yaml (1.0.4)
    safely_block (0.2.0)
      errbase
    sass (3.4.23)
    sass-rails (5.0.6)
      railties (>= 4.0.0, < 6)
      sass (~> 3.1)
      sprockets (>= 2.8, < 4.0)
      sprockets-rails (>= 2.0, < 4.0)
      tilt (>= 1.1, < 3)
    sidekiq (4.2.10)
      concurrent-ruby (~> 1.0)
      connection_pool (~> 2.2, >= 2.2.0)
      rack-protection (>= 1.5.0)
      redis (~> 3.2, >= 3.2.1)
    sidekiq-statistic (1.2.0)
      sidekiq (>= 3.3.4, < 5)
    signet (0.7.3)
      addressable (~> 2.3)
      faraday (~> 0.9)
      jwt (~> 1.5)
      multi_json (~> 1.10)
    simplecov (0.13.0)
      docile (~> 1.1.0)
      json (>= 1.8, < 3)
      simplecov-html (~> 0.10.0)
    simplecov-html (0.10.0)
    sixarm_ruby_unaccent (1.1.1)
    skylight (1.1.0)
      activesupport (>= 3.0.0)
    spring (2.0.1)
      activesupport (>= 4.2)
    spring-commands-rspec (1.0.4)
      spring (>= 0.9.1)
    sprockets (3.7.1)
      concurrent-ruby (~> 1.0)
      rack (> 1, < 3)
    sprockets-rails (3.2.0)
      actionpack (>= 4.0)
      activesupport (>= 4.0)
      sprockets (>= 3.0.0)
    stackprof (0.2.10)
    terminal-table (1.7.3)
      unicode-display_width (~> 1.1.1)
    thor (0.19.4)
    thread (0.2.2)
    thread_safe (0.3.6)
    tilt (2.0.6)
    timecop (0.8.1)
    trollop (2.1.2)
    twilio-ruby (4.13.0)
      builder (>= 2.1.2)
      jwt (~> 1.0)
      multi_json (>= 1.3.0)
    tzinfo (1.2.3)
      thread_safe (~> 0.1)
    uglifier (3.1.11)
      execjs (>= 0.3.0, < 3)
    unicode-display_width (1.1.3)
    unicode_utils (1.4.0)
    uniform_notifier (1.10.0)
    user_agent_parser (2.3.0)
    uuidtools (2.1.5)
    web-console (3.5.0)
      actionview (>= 5.0)
      activemodel (>= 5.0)
      bindex (>= 0.4.0)
      railties (>= 5.0)
    webmock (2.3.2)
      addressable (>= 2.3.6)
      crack (>= 0.3.2)
      hashdiff
    websocket-driver (0.6.5)
      websocket-extensions (>= 0.1.0)
    websocket-extensions (0.1.2)
    xdan-datetimepicker-rails (2.5.4)
      jquery-rails
      rails (>= 3.2.16)
    xml-simple (1.1.5)
    yagni_json_encoder (0.0.2)
      activesupport (>= 4.1.0)
      oj (~> 2.14)

PLATFORMS
  ruby

DEPENDENCIES
  active_admin_datetimepicker (~> 0.3)
  active_admin_filters_visibility!
  active_admin_scoped_collection_actions!
  active_admin_theme (~> 1.0)
  active_model_serializers (~> 0.10)
  activeadmin!
  ahoy_matey (~> 1.5.4)
  airbrake (~> 5.6)
  annotate (~> 2.7)
  apipie-rails (~> 0.3)
  aws-sdk (~> 2.6)
  banktools-se (~> 2.6)
  bcrypt (~> 3.1.7)
  better_errors (~> 2.1)
  binding_of_caller (~> 0.7)
  blazer!
  bullet (~> 5.5)
  byebug (~> 9.0)
  chosen-rails (~> 1.5)
  codeclimate-test-reporter (~> 1.0)
  consistency_fail (~> 0.3)
  countries (~> 2.0)
  database_cleaner (~> 1.5)
  derailed_benchmarks (~> 1.3)
  dotenv-rails (~> 2.1)
  email_reply_parser (~> 0.5)
  factory_girl_rails (~> 4.0)
  faker (~> 1.7)
  fast_blank (~> 1.0)
  fog (~> 1.38)
  frilans_finans_api!
  fuubar (~> 2.1)
  geocoder (~> 1.4)
  global_phone (~> 1.0)
  google-cloud-translate (~> 0.22)
  honey_format (~> 0.2)
  i18n-tasks (~> 0.9.2)
  i18n_data (~> 0.7)
  i18n_generators (~> 2.1)
  iban-tools (~> 1.1)
  immigrant (~> 0.3)
  inherited_resources!
  json_api_helpers!
  kaminari (~> 1.0)
  letter_opener (~> 1.4)
  listen (~> 3.1)
  lograge (~> 0.4)
  mail (~> 2.6)
  mailcheck!
  maruku (~> 0.7)
  memory_profiler (~> 0.9)
  paperclip (~> 5.1)
  personnummer (~> 0.0.9)
  pg (~> 0.15)
  puma (~> 3.7)
  pundit (~> 1.1)
  rack-attack (~> 5.0)
  rack-cors (~> 0.4)
  rack-timeout (~> 0.4)
  rails (= 5.0.2)
  rails-controller-testing
  rails-i18n (~> 5.0)
  redis-activesupport (~> 5.0)
  rspec-activemodel-mocks (~> 1.0)
  rspec-rails (~> 3.5)
  rspec_junit_formatter (~> 0.2)
  rubocop (~> 0.46)
  sidekiq (~> 4.2)
  sidekiq-statistic (~> 1.2)
  simplecov (~> 0.11)
  skylight (~> 1.0)
  spring (~> 2.0)
  spring-commands-rspec (~> 1.0)
  stackprof (~> 0.2)
  timecop (~> 0.8)
  twilio-ruby (~> 4.11)
  uglifier (~> 3.0)
  web-console (~> 3.3)
  webmock (~> 2.0)
  yagni_json_encoder (~> 0.0.2)

RUBY VERSION
   ruby 2.4.0p0

BUNDLED WITH
   1.14.3
